PATH
  remote: .
  specs:
    rpictogrify (0.0.1)

GEM
  remote: https://rubygems.org/
  specs:

PLATFORMS
  ruby

DEPENDENCIES
  rpictogrify!

BUNDLED WITH
   2.1.4
